GEM
  remote: https://rubygems.org/
  specs:
    concurrent-ruby (1.1.4)
    ffi (1.9.25)
    hidapi (0.1.9)
      i18n
      libusb (~> 0.5.1)
    i18n (1.3.0)
      concurrent-ruby (~> 1.0)
    libusb (0.5.1)
      ffi (>= 1.0)

PLATFORMS
  ruby

DEPENDENCIES
  hidapi

BUNDLED WITH
   1.17.3
